NUGET
  remote: https://www.nuget.org/api/v2
    Streams (0.4.1)
