NUGET
  remote: https://www.nuget.org/api/v2
    FsControl (1.0.9)
    FSharpPlus (0.0.4)
      FsControl (>= 1.0.9)
    Streams (0.4.1)
