NUGET
  remote: https://www.nuget.org/api/v2
    Aether (8.1.2)
    Hekate (3.2)
      Aether (>= 8.0.2 < 9.0)
